PATH
  remote: .
  specs:
    creative_cocktails (0.1.0)

GEM
  remote: https://rubygems.org/
  specs:
    httparty (0.16.3)
      mime-types (~> 3.0)
      multi_xml (>= 0.5.2)
    mime-types (3.2.2)
      mime-types-data (~> 3.2015)
    mime-types-data (3.2018.0812)
    multi_xml (0.6.0)
    rake (10.4.2)
    require_all (2.0.0)

PLATFORMS
  ruby

DEPENDENCIES
  bundler (~> 1.16)
  creative_cocktails!
  httparty
  rake (~> 10.0)
  require_all

BUNDLED WITH
   1.16.2
